GEM
  remote: https://rubygems.org/
  specs:
    benchmark-ips (2.7.2)
    google-protobuf (3.6.1)
    googleapis-common-protos-types (1.0.3)
      google-protobuf (~> 3.0)
    grpc (1.19.0)
      google-protobuf (~> 3.1)
      googleapis-common-protos-types (~> 1.0.0)
    grpc-tools (1.19.0)
    redis (4.1.0)

PLATFORMS
  ruby

DEPENDENCIES
  benchmark-ips (~> 2.7)
  grpc (~> 1.19)
  grpc-tools (~> 1.19)
  redis

BUNDLED WITH
   2.0.1
